GEM
  remote: https://rubygems.org/
  specs:
    bigdecimal (3.1.9)
    csv (3.3.4)
    fakeweb (1.3.0)
    httparty (0.23.1)
      csv
      mini_mime (>= 1.0.0)
      multi_xml (>= 0.5.2)
    json (2.6.3)
    mini_mime (1.1.5)
    minitest (5.17.0)
    multi_xml (0.7.1)
      bigdecimal (~> 3.1)
    rake (13.0.6)

PLATFORMS
  ruby

DEPENDENCIES
  fakeweb
  httparty
  json
  minitest
  rake

BUNDLED WITH
   2.5.22
